GIT
  remote: git://github.com/jkraemer/run_later.git
  revision: 63c6d398134badbbf2f1dac573b4fa42359e8ac3
  specs:
    run_later (0.0.1)

GIT
  remote: git://github.com/kristianmandrup/ts-datetime-delta.git
  revision: 0c9e6ec3121ccaba5e7954f6046573d710f7969b
  specs:
    ts-datetime-delta (1.0.3)
      thinking-sphinx (>= 1.3.8)

GIT
  remote: git://github.com/nesquena/query_reviewer.git
  revision: 43b46f92afbc81ae7da8459ff3ae9afa465fe4e8
  specs:
    query_reviewer (0.1.5)

GIT
  remote: https://github.com/spraints/activemessaging.git
  revision: 9e5d040ebb117c5090eb79c9f7261b0a400582bf
  specs:
    activemessaging (0.7.1)
      activesupport (>= 1.0.0)

GEM
  remote: http://rubygems.org/
  specs:
    SystemTimer (1.2.2)
    abstract (1.0.0)
    actionmailer (3.0.5)
      actionpack (= 3.0.5)
      mail (~> 2.2.15)
    actionpack (3.0.5)
      activemodel (= 3.0.5)
      activesupport (= 3.0.5)
      builder (~> 2.1.2)
      erubis (~> 2.6.6)
      i18n (~> 0.4)
      rack (~> 1.2.1)
      rack-mount (~> 0.6.13)
      rack-test (~> 0.5.7)
      tzinfo (~> 0.3.23)
    activemodel (3.0.5)
      activesupport (= 3.0.5)
      builder (~> 2.1.2)
      i18n (~> 0.4)
    activerecord (3.0.5)
      activemodel (= 3.0.5)
      activesupport (= 3.0.5)
      arel (~> 2.0.2)
      tzinfo (~> 0.3.23)
    activerecord-import (0.2.7)
      activerecord (~> 3.0.0)
    activeresource (3.0.5)
      activemodel (= 3.0.5)
      activesupport (= 3.0.5)
    activesupport (3.0.5)
    arel (2.0.10)
    authorization (1.0.12)
    builder (2.1.2)
    ckeditor (3.5.0)
      mime-types (>= 1.16)
    curb (0.7.10)
    daemons (1.1.8)
    diffy (2.0.5)
    dynamic_form (1.1.3)
    erubis (2.6.6)
      abstract (>= 1.0.0)
    eventmachine (0.12.10)
    exception_notification_rails3 (1.2.0)
    fastercsv (1.5.4)
    i18n (0.6.0)
    image_size (1.1.0)
    json (1.5.1)
    mail (2.2.19)
      activesupport (>= 2.3.6)
      i18n (>= 0.4.0)
      mime-types (~> 1.16)
      treetop (~> 1.4.8)
    memcache-client (1.8.5)
    meta_where (1.0.4)
      activerecord (~> 3.0.0)
      activesupport (~> 3.0.0)
      arel (~> 2.0.7)
    mime-types (1.17.2)
    mysql (2.8.1)
    nest (1.1.0)
      redis (~> 2.1)
    newrelic_rpm (3.3.2)
    ohm (0.1.3)
      nest (~> 1.0)
    ohm-contrib (0.1.1)
      ohm
    polyglot (0.3.3)
    rack (1.2.5)
    rack-mount (0.6.14)
      rack (>= 1.0.0)
    rack-test (0.5.7)
      rack (>= 1.0)
    rails (3.0.5)
      actionmailer (= 3.0.5)
      actionpack (= 3.0.5)
      activerecord (= 3.0.5)
      activeresource (= 3.0.5)
      activesupport (= 3.0.5)
      bundler (~> 1.0)
      railties (= 3.0.5)
    rails-footnotes (3.7.5)
      rails (>= 3.0.0)
    railties (3.0.5)
      actionpack (= 3.0.5)
      activesupport (= 3.0.5)
      rake (>= 0.8.7)
      thor (~> 0.14.4)
    rake (0.9.2.2)
    recaptcha (0.3.4)
    redis (2.1.1)
    riddle (1.5.1)
    rubyzip (0.9.6.1)
    sphinx (0.9.10.2122)
    stomp (1.1.7)
    thin (1.3.1)
      daemons (>= 1.0.9)
      eventmachine (>= 0.12.6)
      rack (>= 1.0.0)
    thinking-sphinx (2.0.2)
      activerecord (>= 3.0.3)
      riddle (>= 1.2.2)
    thor (0.14.6)
    timeliness (0.3.4)
    treetop (1.4.10)
      polyglot
      polyglot (>= 0.3.1)
    tzinfo (0.3.31)
    validates_timeliness (3.0.5)
      timeliness (~> 0.3.2)
    wikitext (3.0)
    will_paginate (3.0.pre2)

PLATFORMS
  ruby

DEPENDENCIES
  SystemTimer (= 1.2.2)
  activemessaging (= 0.7.1)!
  activerecord-import (= 0.2.7)
  authorization (= 1.0.12)
  ckeditor (= 3.5.0)
  curb (= 0.7.10)
  diffy (~> 2.0.5)
  dynamic_form (= 1.1.3)
  exception_notification_rails3
  fastercsv (= 1.5.4)
  image_size (~> 1.1.0)
  json (= 1.5.1)
  memcache-client (= 1.8.5)
  meta_where (= 1.0.4)
  mysql (= 2.8.1)
  newrelic_rpm
  ohm (= 0.1.3)
  ohm-contrib (= 0.1.1)
  query_reviewer!
  rails (= 3.0.5)
  rails-footnotes
  recaptcha (~> 0.3.4)
  redis (= 2.1.1)
  rubyzip (~> 0.9.6.1)
  run_later (= 0.0.1)!
  sphinx (~> 0.9.10.2122)
  stomp (= 1.1.7)
  thin
  thinking-sphinx (= 2.0.2)
  ts-datetime-delta!
  validates_timeliness (= 3.0.5)
  wikitext (~> 3.0.0)
  will_paginate (= 3.0.pre2)
