GIT
  remote: git://github.com/jkraemer/run_later.git
  revision: 63c6d398134badbbf2f1dac573b4fa42359e8ac3
  specs:
    run_later (0.0.1)

GIT
  remote: git://github.com/silviurosu/acts_as_ferret.git
  revision: f338b37f6965e97f573472bb8a60a11c774e5eaa
  specs:
    acts_as_ferret (0.5.2)
      jk-ferret (>= 0.11.8)
      rails (>= 3.0)

GIT
  remote: https://github.com/spraints/activemessaging.git
  revision: 9e5d040ebb117c5090eb79c9f7261b0a400582bf
  specs:
    activemessaging (0.7.1)
      activesupport (>= 1.0.0)

GEM
  remote: http://rubygems.org/
  specs:
    SystemTimer (1.2.2)
    abstract (1.0.0)
    actionmailer (3.0.4)
      actionpack (= 3.0.4)
      mail (~> 2.2.15)
    actionpack (3.0.4)
      activemodel (= 3.0.4)
      activesupport (= 3.0.4)
      builder (~> 2.1.2)
      erubis (~> 2.6.6)
      i18n (~> 0.4)
      rack (~> 1.2.1)
      rack-mount (~> 0.6.13)
      rack-test (~> 0.5.7)
      tzinfo (~> 0.3.23)
    activemodel (3.0.4)
      activesupport (= 3.0.4)
      builder (~> 2.1.2)
      i18n (~> 0.4)
    activerecord (3.0.4)
      activemodel (= 3.0.4)
      activesupport (= 3.0.4)
      arel (~> 2.0.2)
      tzinfo (~> 0.3.23)
    activeresource (3.0.4)
      activemodel (= 3.0.4)
      activesupport (= 3.0.4)
    activesupport (3.0.4)
    arel (2.0.8)
    authorization (1.0.12)
    builder (2.1.2)
    ckeditor (3.5.0)
      mime-types (>= 1.16)
    curb (0.7.10)
    dynamic_form (1.1.3)
    erubis (2.6.6)
      abstract (>= 1.0.0)
    fastercsv (1.5.4)
    ferret (0.11.6)
      rake (> 0.0.0)
    i18n (0.5.0)
    jk-ferret (0.11.8.2)
      rake
    json (1.5.1)
    mail (2.2.15)
      activesupport (>= 2.3.6)
      i18n (>= 0.4.0)
      mime-types (~> 1.16)
      treetop (~> 1.4.8)
    memcache-client (1.8.5)
    mime-types (1.16)
    mysql (2.8.1)
    polyglot (0.3.1)
    rack (1.2.1)
    rack-mount (0.6.13)
      rack (>= 1.0.0)
    rack-test (0.5.7)
      rack (>= 1.0)
    rails (3.0.4)
      actionmailer (= 3.0.4)
      actionpack (= 3.0.4)
      activerecord (= 3.0.4)
      activeresource (= 3.0.4)
      activesupport (= 3.0.4)
      bundler (~> 1.0)
      railties (= 3.0.4)
    railties (3.0.4)
      actionpack (= 3.0.4)
      activesupport (= 3.0.4)
      rake (>= 0.8.7)
      thor (~> 0.14.4)
    rake (0.8.7)
    redis (2.1.1)
    stomp (1.1.7)
    thor (0.14.6)
    timeliness (0.3.3)
    treetop (1.4.9)
      polyglot (>= 0.3.1)
    tzinfo (0.3.24)
    validates_timeliness (3.0.5)
      timeliness (~> 0.3.2)
    will_paginate (3.0.pre2)

PLATFORMS
  ruby

DEPENDENCIES
  SystemTimer (= 1.2.2)
  activemessaging (= 0.7.1)!
  acts_as_ferret (= 0.5.2)!
  authorization (= 1.0.12)
  ckeditor (= 3.5.0)
  curb (= 0.7.10)
  dynamic_form (= 1.1.3)
  fastercsv (= 1.5.4)
  ferret (= 0.11.6)
  json (= 1.5.1)
  memcache-client (= 1.8.5)
  mysql (= 2.8.1)
  rails (= 3.0.4)
  redis (= 2.1.1)
  run_later (= 0.0.1)!
  stomp (= 1.1.7)
  validates_timeliness (= 3.0.5)
  will_paginate (= 3.0.pre2)
