GIT
  remote: git://github.com/jkraemer/run_later.git
  revision: 63c6d398134badbbf2f1dac573b4fa42359e8ac3
  specs:
    run_later (0.0.1)

GIT
  remote: git://github.com/kristianmandrup/ts-datetime-delta.git
  revision: 0c9e6ec3121ccaba5e7954f6046573d710f7969b
  specs:
    ts-datetime-delta (1.0.3)
      thinking-sphinx (>= 1.3.8)

GIT
  remote: git://github.com/nesquena/query_reviewer.git
  revision: 9de60e75d18068d40cd3f8439a3de28eb4df5f3b
  specs:
    query_reviewer (0.1.2)

GIT
  remote: https://github.com/spraints/activemessaging.git
  revision: 9e5d040ebb117c5090eb79c9f7261b0a400582bf
  specs:
    activemessaging (0.7.1)
      activesupport (>= 1.0.0)

GEM
  remote: http://rubygems.org/
  specs:
    SystemTimer (1.2.2)
    abstract (1.0.0)
    actionmailer (3.0.5)
      actionpack (= 3.0.5)
      mail (~> 2.2.15)
    actionpack (3.0.5)
      activemodel (= 3.0.5)
      activesupport (= 3.0.5)
      builder (~> 2.1.2)
      erubis (~> 2.6.6)
      i18n (~> 0.4)
      rack (~> 1.2.1)
      rack-mount (~> 0.6.13)
      rack-test (~> 0.5.7)
      tzinfo (~> 0.3.23)
    activemodel (3.0.5)
      activesupport (= 3.0.5)
      builder (~> 2.1.2)
      i18n (~> 0.4)
    activerecord (3.0.5)
      activemodel (= 3.0.5)
      activesupport (= 3.0.5)
      arel (~> 2.0.2)
      tzinfo (~> 0.3.23)
    activeresource (3.0.5)
      activemodel (= 3.0.5)
      activesupport (= 3.0.5)
    activesupport (3.0.5)
    arel (2.0.9)
    authorization (1.0.12)
    builder (2.1.2)
    ckeditor (3.5.0)
      mime-types (>= 1.16)
    curb (0.7.10)
    dynamic_form (1.1.3)
    erubis (2.6.6)
      abstract (>= 1.0.0)
    exception_notification_rails3 (1.2.0)
    fastercsv (1.5.4)
    i18n (0.5.0)
    json (1.5.1)
    mail (2.2.15)
      activesupport (>= 2.3.6)
      i18n (>= 0.4.0)
      mime-types (~> 1.16)
      treetop (~> 1.4.8)
    memcache-client (1.8.5)
    mime-types (1.16)
    mysql (2.8.1)
    newrelic_rpm (2.13.4)
    polyglot (0.3.1)
    rack (1.2.2)
    rack-mount (0.6.13)
      rack (>= 1.0.0)
    rack-test (0.5.7)
      rack (>= 1.0)
    rails (3.0.5)
      actionmailer (= 3.0.5)
      actionpack (= 3.0.5)
      activerecord (= 3.0.5)
      activeresource (= 3.0.5)
      activesupport (= 3.0.5)
      bundler (~> 1.0)
      railties (= 3.0.5)
    railties (3.0.5)
      actionpack (= 3.0.5)
      activesupport (= 3.0.5)
      rake (>= 0.8.7)
      thor (~> 0.14.4)
    rake (0.8.7)
    redis (2.1.1)
    riddle (1.2.2)
    sphinx (0.9.10.2122)
    stomp (1.1.7)
    thinking-sphinx (2.0.2)
      activerecord (>= 3.0.3)
      riddle (>= 1.2.2)
    thor (0.14.6)
    timeliness (0.3.3)
    treetop (1.4.9)
      polyglot (>= 0.3.1)
    tzinfo (0.3.25)
    validates_timeliness (3.0.5)
      timeliness (~> 0.3.2)
    will_paginate (3.0.pre2)

PLATFORMS
  ruby

DEPENDENCIES
  SystemTimer (= 1.2.2)
  activemessaging (= 0.7.1)!
  authorization (= 1.0.12)
  ckeditor (= 3.5.0)
  curb (= 0.7.10)
  dynamic_form (= 1.1.3)
  exception_notification_rails3
  fastercsv (= 1.5.4)
  json (= 1.5.1)
  memcache-client (= 1.8.5)
  mysql (= 2.8.1)
  newrelic_rpm
  query_reviewer!
  rails (= 3.0.5)
  redis (= 2.1.1)
  run_later (= 0.0.1)!
  sphinx
  stomp (= 1.1.7)
  thinking-sphinx (= 2.0.2)
  ts-datetime-delta!
  validates_timeliness (= 3.0.5)
  will_paginate (= 3.0.pre2)
